GEM
  remote: https://rubygems.org/
  specs:
    backports (3.4.0)
    coderay (1.1.0)
    daemons (1.1.9)
    eventmachine (1.0.3)
    kss (0.5.0)
    method_source (0.8.2)
    multi_json (1.8.2)
    pry (0.9.12.4)
      coderay (~> 1.0)
      method_source (~> 0.8)
      slop (~> 3.4)
    pry-nav (0.2.3)
      pry (~> 0.9.10)
    rack (1.5.2)
    rack-protection (1.5.1)
      rack
    rack-test (0.6.2)
      rack (>= 1.0)
    rainbow (2.0.0)
    rake (10.3.2)
    redcarpet (3.1.2)
    sass (3.3.8)
    scss-lint (0.24.1)
      rainbow (~> 2.0)
      sass (~> 3.3.0)
    sinatra (1.4.4)
      rack (~> 1.4)
      rack-protection (~> 1.4)
      tilt (~> 1.3, >= 1.3.4)
    sinatra-advanced-routes (0.5.3)
      sinatra (~> 1.0)
    sinatra-contrib (1.4.2)
      backports (>= 2.0)
      multi_json
      rack-protection
      rack-test
      sinatra (~> 1.4.0)
      tilt (~> 1.3)
    sinatra-export (1.0.1)
      rack
      rack-test
      rake
      sinatra
      sinatra-advanced-routes
      term-ansicolor
    slop (3.4.7)
    term-ansicolor (1.3.0)
      tins (~> 1.0)
    thin (1.6.1)
      daemons (>= 1.0.9)
      eventmachine (>= 1.0.0)
      rack (>= 1.0.0)
    tilt (1.4.1)
    tins (1.3.0)

PLATFORMS
  ruby

DEPENDENCIES
  kss (~> 0.5.0)
  pry
  pry-nav
  redcarpet (~> 3.1.1)
  scss-lint (= 0.24.1)
  sinatra (~> 1.4.3)
  sinatra-contrib (~> 1.4.1)
  sinatra-export (~> 1.0.1)
  thin (~> 1.6.0)
